GIT
  remote: https://github.com/lostisland/faraday
  revision: d5eaa4ffe04b1cba00691b1cc2b2541e91093bf1
  branch: master
  specs:
    faraday (0.16.0)
      multipart-post (>= 1.2, < 3)

GEM
  remote: https://rubygems.org/
  specs:
    multipart-post (2.1.1)

PLATFORMS
  ruby

DEPENDENCIES
  faraday!

BUNDLED WITH
   1.17.2
