GEM
  remote: https://rubygems.org/
  specs:
    async (1.24.2)
      console (~> 1.0)
      nio4r (~> 2.3)
      timers (~> 4.1)
    async-http (0.50.7)
      async (~> 1.23)
      async-io (~> 1.27.0)
      async-pool (~> 0.2)
      protocol-http (~> 0.15.1)
      protocol-http1 (~> 0.10.0)
      protocol-http2 (~> 0.11.0)
    async-io (1.27.5)
      async (~> 1.14)
    async-pool (0.2.0)
      async (~> 1.8)
    console (1.8.2)
    mini_portile2 (2.4.0)
    nio4r (2.5.2)
    nokogiri (1.10.9)
      mini_portile2 (~> 2.4.0)
    pg (1.2.3)
    protocol-hpack (1.4.2)
    protocol-http (0.15.1)
    protocol-http1 (0.10.3)
      protocol-http (~> 0.15)
    protocol-http2 (0.11.6)
      protocol-hpack (~> 1.4)
      protocol-http (~> 0.15)
    sequel (5.30.0)
    timers (4.3.0)

PLATFORMS
  ruby

DEPENDENCIES
  async-http
  nokogiri
  pg
  sequel

BUNDLED WITH
   2.1.4
