GEM
  remote: https://rubygems.org/
  specs:
    async (1.30.1)
      console (~> 1.10)
      nio4r (~> 2.3)
      timers (~> 4.1)
    async-http (0.56.5)
      async (>= 1.25)
      async-io (>= 1.28)
      async-pool (>= 0.2)
      protocol-http (~> 0.22.0)
      protocol-http1 (~> 0.14.0)
      protocol-http2 (~> 0.14.0)
    async-io (1.32.2)
      async
    async-pool (0.3.8)
      async (>= 1.25)
    bake (0.16.1)
      samovar (~> 2.1)
    console (1.13.1)
      fiber-local
    fiber-local (1.0.0)
    mapping (1.1.1)
    mini_portile2 (2.6.1)
    nio4r (2.5.8)
    nokogiri (1.12.3)
      mini_portile2 (~> 2.6.1)
      racc (~> 1.4)
    periodical (1.2.0)
    pg (1.2.3)
    protocol-hpack (1.4.2)
    protocol-http (0.22.5)
    protocol-http1 (0.14.1)
      protocol-http (~> 0.22)
    protocol-http2 (0.14.2)
      protocol-hpack (~> 1.4)
      protocol-http (~> 0.18)
    racc (1.5.2)
    samovar (2.1.4)
      console (~> 1.0)
      mapping (~> 1.0)
    sequel (5.47.0)
    timers (4.3.3)

PLATFORMS
  ruby

DEPENDENCIES
  async-http
  bake
  nokogiri
  periodical
  pg
  sequel

BUNDLED WITH
   2.2.24
