GEM
  remote: https://rubygems.org/
  specs:
    async (1.24.0)
      console (~> 1.0)
      nio4r (~> 2.3)
      timers (~> 4.1)
    async-http (0.49.0)
      async (~> 1.23)
      async-io (~> 1.27.0)
      protocol-http (~> 0.12.0)
      protocol-http1 (~> 0.9.0)
      protocol-http2 (~> 0.10.0)
    async-io (1.27.0)
      async (~> 1.14)
    console (1.5.0)
    nio4r (2.5.2)
    protocol-hpack (1.4.1)
    protocol-http (0.12.3)
    protocol-http1 (0.9.0)
      protocol-http (~> 0.5)
    protocol-http2 (0.10.3)
      protocol-hpack (~> 1.4)
      protocol-http (~> 0.2)
    puma (4.2.1)
      nio4r (~> 2.0)
    rack (2.0.7)
    timers (4.3.0)

PLATFORMS
  ruby

DEPENDENCIES
  async-http
  puma
  rack

BUNDLED WITH
   2.0.2
