GEM
  remote: https://rubygems.org/
  specs:
    concurrent-ruby (1.1.5)
    i18n (1.7.0)
      concurrent-ruby (~> 1.0)
    money (6.13.4)
      i18n (>= 0.6.4, <= 2)

PLATFORMS
  java
  ruby

DEPENDENCIES
  money

BUNDLED WITH
   2.0.2
